PATH
  remote: .
  specs:
    git-friendly (0.0.1)
      colored (>= 1.2)
      grit

GEM
  remote: http://rubygems.org/
  specs:
    colored (1.2)
    diff-lcs (1.1.3)
    grit (2.4.1)
      diff-lcs (~> 1.1)
      mime-types (~> 1.15)
    mime-types (1.16)

PLATFORMS
  ruby

DEPENDENCIES
  git-friendly!
